GEM
  remote: https://rubygems.org/
  specs:
    erubis (2.7.0)
    mustermann (1.1.1)
      ruby2_keywords (~> 0.0.1)
    pg (1.0.0)
    puma (3.12.6)
    que (0.14.2)
    que-web (0.7.0)
      erubis
      que (~> 0.8)
      sinatra
    rack (2.2.3.1)
    rack-protection (2.2.0)
      rack
    ruby2_keywords (0.0.5)
    sequel (5.5.0)
    sinatra (2.2.0)
      mustermann (~> 1.0)
      rack (~> 2.2)
      rack-protection (= 2.2.0)
      tilt (~> 2.0)
    tilt (2.0.10)

PLATFORMS
  ruby

DEPENDENCIES
  pg
  puma
  que-web
  sequel

BUNDLED WITH
   1.15.3
