GEM
  remote: https://rubygems.org/
  specs:
    erubis (2.7.0)
    mustermann (3.0.0)
      ruby2_keywords (~> 0.0.1)
    nio4r (2.5.8)
    pg (1.0.0)
    puma (4.3.12)
      nio4r (~> 2.0)
    que (0.14.2)
    que-web (0.7.0)
      erubis
      que (~> 0.8)
      sinatra
    rack (2.2.4)
    rack-protection (3.0.4)
      rack
    ruby2_keywords (0.0.5)
    sequel (5.5.0)
    sinatra (3.0.4)
      mustermann (~> 3.0)
      rack (~> 2.2, >= 2.2.4)
      rack-protection (= 3.0.4)
      tilt (~> 2.0)
    tilt (2.0.11)

PLATFORMS
  ruby

DEPENDENCIES
  pg
  puma
  que-web
  sequel

BUNDLED WITH
   1.15.3
