PATH
  remote: ../..
  specs:
    que-web (0.10.0)
      que (>= 1)
      sinatra

GEM
  remote: https://rubygems.org/
  specs:
    mustermann (3.0.0)
      ruby2_keywords (~> 0.0.1)
    pg (1.2.3)
    que (2.2.0)
    rack (2.2.4)
    rack-protection (3.0.4)
      rack
    ruby2_keywords (0.0.5)
    sequel (5.31.0)
    sinatra (3.0.4)
      mustermann (~> 3.0)
      rack (~> 2.2, >= 2.2.4)
      rack-protection (= 3.0.4)
      tilt (~> 2.0)
    tilt (2.0.11)

PLATFORMS
  ruby

DEPENDENCIES
  pg
  que-web!
  sequel

BUNDLED WITH
   2.1.4
