PATH
  remote: ../..
  specs:
    que-web (0.8.0)
      erubis
      que (~> 1.0.0.beta3)
      sinatra

GEM
  remote: https://rubygems.org/
  specs:
    erubis (2.7.0)
    mustermann (1.0.3)
    pg (1.0.0)
    que (1.0.0.beta3)
    rack (2.0.7)
    rack-protection (2.0.7)
      rack
    sequel (5.5.0)
    sinatra (2.0.7)
      mustermann (~> 1.0)
      rack (~> 2.0)
      rack-protection (= 2.0.7)
      tilt (~> 2.0)
    tilt (2.0.10)

PLATFORMS
  ruby

DEPENDENCIES
  pg
  que-web!
  sequel

BUNDLED WITH
   1.15.3
